GEM
  remote: http://rubygems.org/
  specs:
    addressable (2.2.6)
    capybara (1.0.1)
      mime-types (>= 1.16)
      nokogiri (>= 1.3.3)
      rack (>= 1.0.0)
      rack-test (>= 0.5.4)
      selenium-webdriver (~> 2.0)
      xpath (~> 0.1.4)
    childprocess (0.2.2)
      ffi (~> 1.0.6)
    coffee-script (2.2.0)
      coffee-script-source
      execjs
    coffee-script-source (1.1.2)
    evergreen (0.4.1)
      capybara (~> 1.0)
      coffee-script
      json_pure
      launchy
      sinatra (~> 1.1)
    execjs (1.2.4)
      multi_json (~> 1.0)
    ffi (1.0.9)
    json_pure (1.5.4)
      spruz (~> 0.2.8)
    launchy (2.0.5)
      addressable (~> 2.2.6)
    mime-types (1.16)
    multi_json (1.0.3)
    nokogiri (1.5.0)
    rack (1.3.2)
    rack-test (0.6.1)
      rack (>= 1.0)
    rake (0.9.2)
    rubyzip (0.9.4)
    selenium-webdriver (2.5.0)
      childprocess (>= 0.2.1)
      ffi (>= 1.0.7)
      json_pure
      rubyzip
    sinatra (1.2.6)
      rack (~> 1.1)
      tilt (< 2.0, >= 1.2.2)
    spruz (0.2.13)
    tilt (1.3.3)
    xpath (0.1.4)
      nokogiri (~> 1.3)

PLATFORMS
  ruby

DEPENDENCIES
  evergreen
  rake
